PATH
  remote: .
  specs:
    flash_flow (1.6.1)
      tb-bjb (>= 1.6.2)

GEM
  remote: https://rubygems.org/
  specs:
    activemodel (5.2.2)
      activesupport (= 5.2.2)
    activesupport (5.2.2)
      concurrent-ruby (~> 1.0, >= 1.0.2)
      i18n (>= 0.7, < 2)
      minitest (~> 5.1)
      tzinfo (~> 1.1)
    concurrent-ruby (1.1.3)
    faraday (0.15.4)
      multipart-post (>= 1.2, < 3)
    faraday-http-cache (1.3.1)
      faraday (~> 0.8)
    faraday_middleware (0.12.2)
      faraday (>= 0.7.4, < 1.0)
    i18n (1.2.0)
      concurrent-ruby (~> 1.0)
    minitest (5.3.5)
    minitest-stub_any_instance (1.0.1)
    multipart-post (2.0.0)
    rake (10.4.2)
    simple_oauth (0.3.1)
    tb-bjb (1.6.2)
      activemodel (>= 4.1.6)
      activesupport (>= 4.1.6)
      faraday (~> 0.9)
      faraday-http-cache (~> 1.2)
      faraday_middleware (~> 0.10)
      simple_oauth (~> 0.3)
    thread_safe (0.3.6)
    tzinfo (1.2.5)
      thread_safe (~> 0.1)

PLATFORMS
  ruby

DEPENDENCIES
  bundler (~> 1.6)
  flash_flow!
  minitest (> 0)
  minitest-stub_any_instance (> 0)
  rake (> 0)

BUNDLED WITH
   1.17.1
